GEM
  remote: http://rubygems.org/
  specs:
    rack (2.2.8.1)

PLATFORMS
  ruby

DEPENDENCIES
  rack
